PATH
  remote: .
  specs:
    sapphire (0.8.3)
      Platform
      colorize
      ffi (= 1.0.9)
      selenium-webdriver

GEM
  remote: http://rubygems.org/
  specs:
    albacore (0.2.7)
    Platform (0.4.0)
    addressable (2.2.8)
    childprocess (0.3.3)
      ffi (~> 1.0.6)
    colorize (0.5.8)
    ffi (1.0.9)
    ffi (1.0.9-x86-mingw32)
    libwebsocket (0.1.3)
      addressable
    multi_json (1.3.6)
    rubyzip (0.9.9)
    selenium-webdriver (2.24.0)
      childprocess (>= 0.2.5)
      libwebsocket (~> 0.1.3)
      multi_json (~> 1.0)
      rubyzip

PLATFORMS
  ruby
  x86-mingw32

DEPENDENCIES
  sapphire!
